PATH
  remote: .
  specs:
    accio (0.0.2)
      clipboard
      term-ansicolor
      terminal-table
      thor

GEM
  remote: https://rubygems.org/
  specs:
    clipboard (1.0.1)
    diff-lcs (1.1.3)
    multi_json (1.5.0)
    rake (10.0.3)
    rspec (2.12.0)
      rspec-core (~> 2.12.0)
      rspec-expectations (~> 2.12.0)
      rspec-mocks (~> 2.12.0)
    rspec-core (2.12.2)
    rspec-expectations (2.12.1)
      diff-lcs (~> 1.1.3)
    rspec-mocks (2.12.2)
    simplecov (0.7.1)
      multi_json (~> 1.0)
      simplecov-html (~> 0.7.1)
    simplecov-html (0.7.1)
    term-ansicolor (1.0.7)
    terminal-table (1.4.5)
    thor (0.17.0)

PLATFORMS
  ruby

DEPENDENCIES
  accio!
  rake
  rspec
  simplecov
